GEM
  remote: https://rubygems.org/
  specs:
    ansi (1.5.0)
    backports (3.6.4)
    hashie (3.4.0)
    itamae (1.1.19)
      ansi
      hashie
      specinfra (>= 2.18.2)
      thor
    json (1.8.2)
    kgio (2.9.3)
    mini_portile (0.6.2)
    multi_json (1.11.0)
    net-scp (1.2.1)
      net-ssh (>= 2.6.5)
    net-ssh (2.9.2)
    nokogiri (1.6.6.2)
      mini_portile (~> 0.6.0)
    rack (1.6.0)
    rack-protection (1.5.3)
      rack
    rack-test (0.6.3)
      rack (>= 1.0)
    raindrops (0.13.0)
    sequel (4.20.0)
    sinatra (1.4.5)
      rack (~> 1.4)
      rack-protection (~> 1.4)
      tilt (~> 1.3, >= 1.3.4)
    sinatra-contrib (1.4.2)
      backports (>= 2.0)
      multi_json
      rack-protection
      rack-test
      sinatra (~> 1.4.0)
      tilt (~> 1.3)
    sinatra-reloader (1.0)
      sinatra-contrib
    sinatra-sequel (0.9.0)
      sequel (>= 3.2.0)
      sinatra (>= 0.9.4)
    specinfra (2.19.0)
      net-scp
      net-ssh
    sqlite3 (1.3.10)
    thor (0.19.1)
    tilt (1.4.1)
    unicorn (4.8.3)
      kgio (~> 2.6)
      rack
      raindrops (~> 0.7)

PLATFORMS
  ruby

DEPENDENCIES
  itamae
  json
  nokogiri
  sequel
  sinatra
  sinatra-reloader
  sinatra-sequel
  sqlite3
  unicorn
